GEM
  remote: https://rubygems.org/
  specs:
    httparty (0.13.2)
      json (~> 1.8)
      multi_xml (>= 0.5.2)
    json (1.8.2)
    multi_xml (0.5.5)
    puppetdb-ruby (0.0.1)
      httparty

PLATFORMS
  ruby

DEPENDENCIES
  httparty (= 0.13.2)
  puppetdb-ruby
